PATH
  remote: .
  specs:
    kefir (1.0.1)
      dig_rb (~> 1.0, >= 1.0.1)
      env_paths (~> 0.0.2)

GEM
  remote: https://rubygems.org/
  specs:
    ast (2.3.0)
    diff-lcs (1.2.5)
    dig_rb (1.0.1)
    env_paths (0.0.2)
    parser (2.3.2.0)
      ast (~> 2.2)
    powerpack (0.1.1)
    rainbow (2.1.0)
    rake (10.5.0)
    rspec (3.5.0)
      rspec-core (~> 3.5.0)
      rspec-expectations (~> 3.5.0)
      rspec-mocks (~> 3.5.0)
    rspec-core (3.5.4)
      rspec-support (~> 3.5.0)
    rspec-expectations (3.5.0)
      diff-lcs (>= 1.2.0, < 2.0)
      rspec-support (~> 3.5.0)
    rspec-mocks (3.5.0)
      diff-lcs (>= 1.2.0, < 2.0)
      rspec-support (~> 3.5.0)
    rspec-support (3.5.0)
    rubocop (0.45.0)
      parser (>= 2.3.1.1, < 3.0)
      powerpack (~> 0.1)
      rainbow (>= 1.99.1, < 3.0)
      ruby-progressbar (~> 1.7)
      unicode-display_width (~> 1.0, >= 1.0.1)
    ruby-progressbar (1.8.1)
    unicode-display_width (1.1.1)

PLATFORMS
  ruby

DEPENDENCIES
  bundler (~> 1.7)
  kefir!
  rake (~> 10.0)
  rspec (~> 3)
  rubocop (~> 0.45)

BUNDLED WITH
   1.12.5
